PATH
  remote: .
  specs:
    babar (0.0.2)

GEM
  remote: http://rubygems.org/
  specs:
    coderay (1.0.9)
    method_source (0.8.1)
    pry (0.9.12)
      coderay (~> 1.0.5)
      method_source (~> 0.8)
      slop (~> 3.4)
    rake (0.9.2.2)
    slop (3.4.3)

PLATFORMS
  ruby

DEPENDENCIES
  babar!
  pry
  rake
